GEM
  remote: http://rubygems.org/
  specs:
    json (1.7.3)
    rainbow (1.1.4)
    win32-api (1.4.8-x86-mingw32)
    win32console (1.3.2-x86-mingw32)
    windows-api (0.4.1)
      win32-api (>= 1.4.5)
    windows-pr (1.2.1)
      win32-api (>= 1.4.5)
      windows-api (>= 0.3.0)

PLATFORMS
  x86-mingw32

DEPENDENCIES
  json
  rainbow
  win32console
  windows-pr
